PATH
  remote: .
  specs:
    activerecord-aws (0.1.0)

GEM
  remote: https://rubygems.org/
  specs:
    activemodel (5.1.4)
      activesupport (= 5.1.4)
    activerecord (5.1.4)
      activemodel (= 5.1.4)
      activesupport (= 5.1.4)
      arel (~> 8.0)
    activesupport (5.1.4)
      concurrent-ruby (~> 1.0, >= 1.0.2)
      i18n (~> 0.7)
      minitest (~> 5.1)
      tzinfo (~> 1.1)
    arel (8.0.0)
    aws-sdk (2.10.71)
      aws-sdk-resources (= 2.10.71)
    aws-sdk-core (2.10.71)
      aws-sigv4 (~> 1.0)
      jmespath (~> 1.0)
    aws-sdk-resources (2.10.71)
      aws-sdk-core (= 2.10.71)
    aws-sigv4 (1.0.2)
    concurrent-ruby (1.0.5)
    diff-lcs (1.3)
    i18n (0.9.0)
      concurrent-ruby (~> 1.0)
    jmespath (1.3.1)
    minitest (5.10.3)
    rake (10.5.0)
    rspec (3.7.0)
      rspec-core (~> 3.7.0)
      rspec-expectations (~> 3.7.0)
      rspec-mocks (~> 3.7.0)
    rspec-core (3.7.0)
      rspec-support (~> 3.7.0)
    rspec-expectations (3.7.0)
      diff-lcs (>= 1.2.0, < 2.0)
      rspec-support (~> 3.7.0)
    rspec-mocks (3.7.0)
      diff-lcs (>= 1.2.0, < 2.0)
      rspec-support (~> 3.7.0)
    rspec-support (3.7.0)
    thread_safe (0.3.6)
    tzinfo (1.2.3)
      thread_safe (~> 0.1)

PLATFORMS
  ruby

DEPENDENCIES
  activerecord (~> 5.1)
  activerecord-aws!
  aws-sdk (~> 2.10)
  bundler (~> 1.16.a)
  rake (~> 10.0)
  rspec (~> 3.0)

BUNDLED WITH
   1.16.0.pre.3
